GEM
  remote: https://rubygems.org/
  specs:
    amazon-ec2 (0.9.17)
      xml-simple (>= 1.0.12)
    rack (1.4.1)
    rack-protection (1.3.2)
      rack
    sinatra (1.3.3)
      rack (~> 1.3, >= 1.3.6)
      rack-protection (~> 1.2)
      tilt (~> 1.3, >= 1.3.3)
    tilt (1.3.3)
    xml-simple (1.1.2)

PLATFORMS
  ruby

DEPENDENCIES
  amazon-ec2
  sinatra
